GEM
  remote: https://rubygems.org/
  specs:
    gosu (0.10.7)
    rmagick (2.15.4)

PLATFORMS
  ruby

DEPENDENCIES
  gosu
  rmagick

BUNDLED WITH
   1.10.6
